GEM
  remote: https://rubygems.org/
  specs:
    byebug (11.1.3)
    daemons (1.4.1)
    diff-lcs (1.5.0)
    eventmachine (1.2.7)
    math24 (2.0.1)
    mustermann (1.1.2)
      ruby2_keywords (~> 0.0.1)
    newrelic_rpm (3.17.2.327)
    rack (2.2.4)
    rack-protection (2.2.1)
      rack
    rack-test (2.0.2)
      rack (>= 1.3)
    require_all (1.4.0)
    rspec (3.11.0)
      rspec-core (~> 3.11.0)
      rspec-expectations (~> 3.11.0)
      rspec-mocks (~> 3.11.0)
    rspec-core (3.11.0)
      rspec-support (~> 3.11.0)
    rspec-expectations (3.11.0)
      diff-lcs (>= 1.2.0, < 2.0)
      rspec-support (~> 3.11.0)
    rspec-mocks (3.11.1)
      diff-lcs (>= 1.2.0, < 2.0)
      rspec-support (~> 3.11.0)
    rspec-support (3.11.0)
    rspec_junit_formatter (0.5.1)
      rspec-core (>= 2, < 4, != 2.12.0)
    ruby2_keywords (0.0.5)
    sinatra (2.2.1)
      mustermann (~> 1.0)
      rack (~> 2.2)
      rack-protection (= 2.2.1)
      tilt (~> 2.0)
    thin (1.8.1)
      daemons (~> 1.0, >= 1.0.9)
      eventmachine (~> 1.0, >= 1.0.4)
      rack (>= 1, < 3)
    tilt (2.0.10)

PLATFORMS
  ruby

DEPENDENCIES
  byebug
  math24 (~> 2.0.0)
  newrelic_rpm (~> 3.17.1)
  rack (~> 2.2.4)
  rack-protection (~> 2.2.1)
  rack-test
  require_all (~> 1.4.0)
  rspec (= 3.11.0)
  rspec-core (= 3.11.0)
  rspec_junit_formatter
  sinatra (~> 2.2.1)
  thin (~> 1.8.0)
  tilt (~> 2.0)

RUBY VERSION
   ruby 3.1.0p0

BUNDLED WITH
   1.17.3
