GEM
  remote: https://rubygems.org/
  specs:
    byebug (9.0.6)
    daemons (1.2.4)
    diff-lcs (1.3)
    eventmachine (1.2.5)
    math24 (2.0.1)
    newrelic_rpm (3.17.2.327)
    rack (1.5.5)
    rack-protection (1.5.3)
      rack
    rack-test (0.7.0)
      rack (>= 1.0, < 3)
    require_all (1.4.0)
    rspec (3.0.0)
      rspec-core (~> 3.0.0)
      rspec-expectations (~> 3.0.0)
      rspec-mocks (~> 3.0.0)
    rspec-core (3.0.4)
      rspec-support (~> 3.0.0)
    rspec-expectations (3.0.4)
      diff-lcs (>= 1.2.0, < 2.0)
      rspec-support (~> 3.0.0)
    rspec-mocks (3.0.4)
      rspec-support (~> 3.0.0)
    rspec-support (3.0.4)
    sinatra (1.4.8)
      rack (~> 1.5)
      rack-protection (~> 1.4)
      tilt (>= 1.3, < 3)
    thin (1.7.2)
      daemons (~> 1.0, >= 1.0.9)
      eventmachine (~> 1.0, >= 1.0.4)
      rack (>= 1, < 3)
    tilt (1.4.1)

PLATFORMS
  ruby

DEPENDENCIES
  byebug
  math24 (~> 2.0.1)
  newrelic_rpm (~> 3.17.2.327)
  rack (~> 1.5.2)
  rack-protection (~> 1.5.0)
  rack-test
  require_all (~> 1.4.0)
  rspec (~> 3.0.0)
  rspec-core (~> 3.0.1)
  sinatra (~> 1.4.5)
  thin (~> 1.7.0)
  tilt (~> 1.4.1)

BUNDLED WITH
   1.15.1
